{
	"TaskName": "p300",
	"Manufacturer": "g.tec",
	"PowerLineFrequency": 50.0,
	"SamplingFrequency": 512.0,
	"SoftwareFilters": "n/a",
	"RecordingDuration": 534.935546875,
	"RecordingType": "continuous",
	"EEGReference": "right earlobe",
	"EEGGround": "Fz",
	"EEGPlacementScheme": "10-10 system",
	"EEGChannelCount": 32,
	"EOGChannelCount": 0,
	"ECGChannelCount": 0,
	"EMGChannelCount": 0,
	"TriggerChannelCount": 0,
	"ManufacturersModelName": "g.USBamp (g.tec, Schiedlberg, Austria)",
	"SoftwareVersions": "OpenVibe",
	"CapManufacturer": "g.tec",
	"CapManufacturersModelName": "g.GAMMAcap",
	"HardwareFilters": {
		"HardwareFilter": {
			"Description": "no digital filter applied"
		}
	},
	"TaskDescription": "Three game sessions with different flash durations (110ms, 80ms, 50ms), with resting state and eyes closed conditions recorded before and after. Subjects were instructed to limit eye blinks, head movements and face muscular contractions.",
	"Instructions": "Players had up to eight attempts to destroy the target symbol per level. Target symbol identification using oddball paradigm with 36 aliens flashing in pseudo-random groups of six symbols.",
	"CogAtlasID": "https://www.cognitiveatlas.org/task/id/tsk_GxjZBNiJorj1K/",
	"InstitutionName": "GIPSA-lab, CNRS, University Grenoble-Alpes, Grenoble INP",
	"InstitutionAddress": "GIPSA-lab, 11 rue des Math\u00e9matiques, Grenoble Campus BP46, F-38402, France",
	"InstitutionalDepartmentName": "n/a",
	"SubjectArtefactDescription": "n/a",
	"DeviceSerialNumber": "n/a",
	"Description": "EEG recordings of 50 subjects playing to a visual P300 Brain-Computer Interface (BCI) videogame named Brain Invaders. The interface uses the oddball paradigm on a grid of 36 symbols (1 Target, 35 Non-Target) that are flashed pseudo-randomly to elicit the P300 response. Three conditions: flash duration 50ms, 80ms or 110ms.",
	"MISCChannelCount": 0
}